GEM
  remote: http://rubygems.org/
  specs:
    haml (3.0.25)
    hpricot (0.8.4)
    mechanize (1.0.0)
      nokogiri (>= 1.2.1)
    nokogiri (1.4.4)
    rack (1.2.2)
    sinatra (1.2.3)
      rack (~> 1.1)
      tilt (< 2.0, >= 1.2.2)
    tilt (1.3)

PLATFORMS
  ruby

DEPENDENCIES
  haml
  hpricot
  mechanize
  rack
  sinatra
